GEM
  remote: http://rubygems.org/
  specs:
    highline (1.6.21)
    spinning_cursor (0.3.0)
      highline (~> 1.6.19)

PLATFORMS
  ruby

DEPENDENCIES
  spinning_cursor

BUNDLED WITH
   1.12.5
